GEM
  remote: https://rubygems.org/
  specs:
    rack (3.1.8)
    rackup (2.2.1)
      rack (>= 3)
    webrick (1.9.1)

PLATFORMS
  arm64-darwin-23
  ruby

DEPENDENCIES
  rack
  rackup
  webrick

RUBY VERSION
   ruby 3.3.5p100

BUNDLED WITH
   2.5.16
